GIT
  remote: git@github.com:uswitch/uswitchci.git
  revision: 47e675c7ebd74dd0b22ab1f8bb9bb55b71c74e79
  specs:
    uswitchci (0.0.1)
      aws-sdk (>= 1.58.0)
      deb-s3 (>= 0.6.2)

PATH
  remote: .
  specs:
    sflow (0.0.1)

GEM
  remote: https://rubygems.org/
  specs:
    aws-sdk (1.62.0)
      aws-sdk-v1 (= 1.62.0)
    aws-sdk-v1 (1.62.0)
      json (~> 1.4)
      nokogiri (>= 1.4.4)
    bindata (2.1.0)
    deb-s3 (0.6.2)
      aws-sdk (~> 1.18)
      thor (~> 0.18.0)
    eventmachine (1.0.7)
    json (1.8.2)
    mini_portile (0.6.2)
    minitest (5.5.1)
    nokogiri (1.6.6.2)
      mini_portile (~> 0.6.0)
    rake (10.4.2)
    thor (0.18.1)

PLATFORMS
  ruby

DEPENDENCIES
  bindata
  bundler (~> 1.5)
  eventmachine
  json
  minitest
  rake
  sflow!
  uswitchci!
